GEM
  remote: https://rubygems.org/
  specs:
    activemodel (3.2.13)
      activesupport (= 3.2.13)
      builder (~> 3.0.0)
    activesupport (3.2.13)
      i18n (= 0.6.1)
      multi_json (~> 1.0)
    backports (3.3.0)
    bson (1.8.5)
    bson_ext (1.8.5)
      bson (~> 1.8.5)
    builder (3.0.4)
    columnize (0.3.6)
    daemons (1.1.9)
    debugger (1.5.0)
      columnize (>= 0.3.1)
      debugger-linecache (~> 1.2.0)
      debugger-ruby_core_source (~> 1.2.0)
    debugger-linecache (1.2.0)
    debugger-ruby_core_source (1.2.0)
    eventmachine (1.0.3-x86-mingw32)
    i18n (0.6.1)
    json (1.7.7)
    mongo (1.8.5)
      bson (~> 1.8.5)
    mongoid (3.1.3)
      activemodel (~> 3.2)
      moped (~> 1.4.2)
      origin (~> 1.0)
      tzinfo (~> 0.3.22)
    moped (1.4.5)
    multi_json (1.7.2)
    nokogiri (1.5.9-x86-mingw32)
    origin (1.0.11)
    rack (1.5.2)
    rack-protection (1.5.0)
      rack
    rack-test (0.6.2)
      rack (>= 1.0)
    sinatra (1.4.2)
      rack (~> 1.5, >= 1.5.2)
      rack-protection (~> 1.4)
      tilt (~> 1.3, >= 1.3.4)
    sinatra-contrib (1.4.0)
      backports (>= 2.0)
      eventmachine
      rack-protection
      rack-test
      sinatra (~> 1.4.2)
      tilt (~> 1.3)
    sinatra-reloader (1.0)
      sinatra-contrib
    thin (1.5.1)
      daemons (>= 1.0.9)
      eventmachine (>= 0.12.6)
      rack (>= 1.0.0)
    tilt (1.3.7)
    tzinfo (0.3.37)

PLATFORMS
  x86-mingw32

DEPENDENCIES
  bson_ext
  debugger
  json
  mongo
  mongoid
  nokogiri
  sinatra
  sinatra-reloader
  thin
